GEM
  remote: https://rubygems.org/
  specs:
    bigdecimal (3.1.9)
    concurrent-ruby (1.3.5)
    csv (3.3.2)
    dotenv (2.8.1)
    dry-core (1.1.0)
      concurrent-ruby (~> 1.0)
      logger
      zeitwerk (~> 2.6)
    dry-inflector (1.2.0)
    dry-logic (1.6.0)
      bigdecimal
      concurrent-ruby (~> 1.0)
      dry-core (~> 1.1)
      zeitwerk (~> 2.6)
    dry-struct (1.7.1)
      dry-core (~> 1.1)
      dry-types (~> 1.8, >= 1.8.2)
      ice_nine (~> 0.11)
      zeitwerk (~> 2.6)
    dry-types (1.8.2)
      bigdecimal (~> 3.0)
      concurrent-ruby (~> 1.0)
      dry-core (~> 1.0)
      dry-inflector (~> 1.0)
      dry-logic (~> 1.4)
      zeitwerk (~> 2.6)
    faraday (2.12.2)
      faraday-net_http (>= 2.0, < 3.5)
      json
      logger
    faraday-multipart (1.1.0)
      multipart-post (~> 2.0)
    faraday-net_http (3.4.0)
      net-http (>= 0.5.0)
    httparty (0.22.0)
      csv
      mini_mime (>= 1.0.0)
      multi_xml (>= 0.5.2)
    ice_nine (0.11.2)
    json (2.10.1)
    logger (1.6.5)
    mini_mime (1.1.5)
    mini_portile2 (2.8.8)
    multi_xml (0.7.1)
      bigdecimal (~> 3.1)
    multipart-post (2.4.1)
    net-http (0.6.0)
      uri
    news-api (0.2.0)
    sqlite3 (1.7.3)
      mini_portile2 (~> 2.8.0)
    sqlite3 (1.7.3-arm64-darwin)
    telegram-bot-ruby (2.4.0)
      dry-struct (~> 1.6)
      faraday (~> 2.0)
      faraday-multipart (~> 1.0)
      zeitwerk (~> 2.6)
    uri (1.0.2)
    zeitwerk (2.7.1)

PLATFORMS
  arm64-darwin-23
  ruby

DEPENDENCIES
  dotenv (~> 2.8)
  httparty (~> 0.22.0)
  news-api (~> 0.2.0)
  sqlite3 (~> 1.7)
  telegram-bot-ruby (~> 2.4)

BUNDLED WITH
   2.6.5
