GEM
  remote: https://rubygems.org/
  specs:
    ast (2.4.3)
    bigdecimal (3.1.9)
    concurrent-ruby (1.3.5)
    csv (3.3.2)
    dotenv (2.8.1)
    dry-core (1.1.0)
      concurrent-ruby (~> 1.0)
      logger
      zeitwerk (~> 2.6)
    dry-inflector (1.2.0)
    dry-logic (1.6.0)
      bigdecimal
      concurrent-ruby (~> 1.0)
      dry-core (~> 1.1)
      zeitwerk (~> 2.6)
    dry-struct (1.7.1)
      dry-core (~> 1.1)
      dry-types (~> 1.8, >= 1.8.2)
      ice_nine (~> 0.11)
      zeitwerk (~> 2.6)
    dry-types (1.8.2)
      bigdecimal (~> 3.0)
      concurrent-ruby (~> 1.0)
      dry-core (~> 1.0)
      dry-inflector (~> 1.0)
      dry-logic (~> 1.4)
      zeitwerk (~> 2.6)
    faraday (2.12.2)
      faraday-net_http (>= 2.0, < 3.5)
      json
      logger
    faraday-multipart (1.1.0)
      multipart-post (~> 2.0)
    faraday-net_http (3.4.0)
      net-http (>= 0.5.0)
    httparty (0.22.0)
      csv
      mini_mime (>= 1.0.0)
      multi_xml (>= 0.5.2)
    ice_nine (0.11.2)
    json (2.10.1)
    logger (1.6.5)
    mini_mime (1.1.5)
    mini_portile2 (2.8.8)
    multi_xml (0.7.1)
      bigdecimal (~> 3.1)
    multipart-post (2.4.1)
    net-http (0.6.0)
      uri
    news-api (0.2.0)
    parallel (1.26.3)
    parser (3.3.7.4)
      ast (~> 2.4.1)
      racc
    prism (1.4.0)
    racc (1.8.1)
    rainbow (3.1.1)
    regexp_parser (2.10.0)
    rexml (3.4.1)
    rubocop (1.28.2)
      parallel (~> 1.10)
      parser (>= 3.1.0.0)
      rainbow (>= 2.2.2, < 4.0)
      regexp_parser (>= 1.8, < 3.0)
      rexml
      rubocop-ast (>= 1.17.0, < 2.0)
      ruby-progressbar (~> 1.7)
      unicode-display_width (>= 1.4.0, < 3.0)
    rubocop-ast (1.44.0)
      parser (>= 3.3.7.2)
      prism (~> 1.4)
    ruby-progressbar (1.13.0)
    sqlite3 (1.7.3)
      mini_portile2 (~> 2.8.0)
    sqlite3 (1.7.3-arm64-darwin)
    telegram-bot-ruby (2.4.0)
      dry-struct (~> 1.6)
      faraday (~> 2.0)
      faraday-multipart (~> 1.0)
      zeitwerk (~> 2.6)
    unicode-display_width (2.6.0)
    uri (1.0.2)
    zeitwerk (2.7.1)

PLATFORMS
  arm64-darwin-23
  ruby

DEPENDENCIES
  dotenv (~> 2.8)
  httparty (~> 0.22.0)
  news-api (~> 0.2.0)
  rubocop (~> 1.28.2)
  sqlite3 (~> 1.7)
  telegram-bot-ruby (~> 2.4)

BUNDLED WITH
   2.6.5
